GEM
  remote: https://rubygems.org/
  specs:
    highline (2.0.1)
    mini_portile2 (2.4.0)
    nokogiri (1.10.1)
      mini_portile2 (~> 2.4.0)

PLATFORMS
  ruby

DEPENDENCIES
  highline
  nokogiri

BUNDLED WITH
   1.16.6
